GEM
  remote: https://rubygems.org/
  specs:
    minitest (5.25.5)
    rake (13.2.1)

PLATFORMS
  arm64-darwin-23

DEPENDENCIES
  minitest (~> 5.25, >= 5.25.5)
  rake (~> 13.2, >= 13.2.1)

BUNDLED WITH
   2.4.1
